GEM
  remote: https://rubygems.org/
  specs:
    erubis (2.7.0)
    puma (2.0.1)
      rack (>= 1.1, < 2.0)
    rack (1.5.2)
    rack-protection (1.5.0)
      rack
    sequel (3.47.0)
    sinatra (1.4.2)
      rack (~> 1.5, >= 1.5.2)
      rack-protection (~> 1.4)
      tilt (~> 1.3, >= 1.3.4)
    sinatra-sequel (0.9.0)
      sequel (>= 3.2.0)
      sinatra (>= 0.9.4)
    sqlite3 (1.3.7)
    tilt (1.4.1)

PLATFORMS
  ruby

DEPENDENCIES
  erubis
  puma
  sequel
  sinatra
  sinatra-sequel
  sqlite3
